GEM
  remote: https://rubygems.org/
  specs:
    newrelic_rpm (3.6.8.168)
    rack (1.5.2)
    shotgun (0.9)
      rack (>= 1.0)
    sinatra (1.1.0)
      rack (~> 1.1)
      tilt (~> 1.1)
    tilt (1.4.1)

PLATFORMS
  ruby

DEPENDENCIES
  newrelic_rpm
  shotgun
  sinatra (= 1.1.0)
